GEM
  remote: http://rubygems.org/
  specs:
    ffi (1.1.5)
    ffi-rzmq (0.9.6)
      ffi
    json (2.3.0)
    trollop (2.0)

PLATFORMS
  ruby

DEPENDENCIES
  ffi-rzmq
  json
  trollop
